GEM
  remote: https://rubygems.org/
  specs:
    newrelic_rpm (9.11.0)

PLATFORMS
  ruby

DEPENDENCIES
  newrelic_rpm

RUBY VERSION
   ruby 2.7.0p0

BUNDLED WITH
   2.1.2
